GEM
  remote: https://rubygems.org/
  specs:
    httparty (0.14.0)
      multi_xml (>= 0.5.2)
    multi_xml (0.5.5)
    phashion (1.2.0)

PLATFORMS
  ruby

DEPENDENCIES
  httparty
  phashion

BUNDLED WITH
   1.12.5
